Brain Vision Data Exchange Header File Version 1.0
; Written using pybv 0.7.5

[Common Infos]
Codepage=UTF-8
DataFile=Feline_Oddball.eeg
MarkerFile=Feline_Oddball.vmrk
DataFormat=BINARY
; Data orientation: MULTIPLEXED=ch1,pt1, ch2,pt1 ...
DataOrientation=MULTIPLEXED
NumberOfChannels=8
; Sampling interval in microseconds
SamplingInterval=2000.0

[Binary Infos]
BinaryFormat=IEEE_FLOAT_32

[Channel Infos]
; Each entry: Ch<Channel number>=<Name>,<Reference channel name>,
; <Resolution in "Unit">,<Unit>, Future extensions..
; Fields are delimited by commas, some fields might be omitted (empty).
; Commas in channel names are coded as "\1".
Ch1=1,,0.1,µV
Ch2=2,,0.1,µV
Ch3=3,,0.1,µV
Ch4=4,,0.1,µV
Ch5=5,,0.1,µV
Ch6=6,,0.1,µV
Ch7=7,,0.1,µV
Ch8=8,,0.1,µV

[Comment]

